GEM
  remote: http://gems.ruby-china.org/
  specs:
    coderay (1.1.1)
    method_source (0.8.2)
    pry (0.10.4)
      coderay (~> 1.1.0)
      method_source (~> 0.8.1)
      slop (~> 3.4)
    ruby-ole (1.2.12.1)
    slop (3.6.0)
    spreadsheet (1.1.4)
      ruby-ole (>= 1.0)

PLATFORMS
  ruby

DEPENDENCIES
  pry
  spreadsheet

BUNDLED WITH
   1.15.1
